PATH
  remote: gems/xikolo-common
  specs:
    xikolo-common (2.18.0)
      activesupport
      addressable (~> 2)
      lograge (~> 0.3.5)
      railties
      restify (~> 1.6)
      telegraf

PATH
  remote: gems/xikolo-config
  specs:
    xikolo-config (8.0)
      activesupport
      addressable (~> 2.0)

PATH
  remote: gems/xikolo-sidekiq
  specs:
    xikolo-sidekiq (4.0.0)
      railties
      sidekiq (~> 7.0)

GEM
  remote: https://rubygems.org/
  specs:
    accept_values_for (0.9.5)
      activemodel (>= 6.1, < 8.1)
      rspec (>= 3.10, < 4.0)
    actioncable (6.1.7.10)
      actionpack (= 6.1.7.10)
      activesupport (= 6.1.7.10)
      nio4r (~> 2.0)
      websocket-driver (>= 0.6.1)
    actionmailbox (6.1.7.10)
      actionpack (= 6.1.7.10)
      activejob (= 6.1.7.10)
      activerecord (= 6.1.7.10)
      activestorage (= 6.1.7.10)
      activesupport (= 6.1.7.10)
      mail (>= 2.7.1)
    actionmailer (6.1.7.10)
      actionpack (= 6.1.7.10)
      actionview (= 6.1.7.10)
      activejob (= 6.1.7.10)
      activesupport (= 6.1.7.10)
      mail (~> 2.5, >= 2.5.4)
      rails-dom-testing (~> 2.0)
    actionpack (6.1.7.10)
      actionview (= 6.1.7.10)
      activesupport (= 6.1.7.10)
      rack (~> 2.0, >= 2.0.9)
      rack-test (>= 0.6.3)
      rails-dom-testing (~> 2.0)
      rails-html-sanitizer (~> 1.0, >= 1.2.0)
    actiontext (6.1.7.10)
      actionpack (= 6.1.7.10)
      activerecord (= 6.1.7.10)
      activestorage (= 6.1.7.10)
      activesupport (= 6.1.7.10)
      nokogiri (>= 1.8.5)
    actionview (6.1.7.10)
      activesupport (= 6.1.7.10)
      builder (~> 3.1)
      erubi (~> 1.4)
      rails-dom-testing (~> 2.0)
      rails-html-sanitizer (~> 1.1, >= 1.2.0)
    activejob (6.1.7.10)
      activesupport (= 6.1.7.10)
      globalid (>= 0.3.6)
    activemodel (6.1.7.10)
      activesupport (= 6.1.7.10)
    activemodel-serializers-xml (1.0.3)
      activemodel (>= 5.0.0.a)
      activesupport (>= 5.0.0.a)
      builder (~> 3.1)
    activerecord (6.1.7.10)
      activemodel (= 6.1.7.10)
      activesupport (= 6.1.7.10)
    activerecord-postgres_enum (2.1.0)
      activerecord (>= 5.2)
      pg
    activestorage (6.1.7.10)
      actionpack (= 6.1.7.10)
      activejob (= 6.1.7.10)
      activerecord (= 6.1.7.10)
      activesupport (= 6.1.7.10)
      marcel (~> 1.0)
      mini_mime (>= 1.1.0)
    activesupport (6.1.7.10)
      concurrent-ruby (~> 1.0, >= 1.0.2)
      i18n (>= 1.6, < 2)
      minitest (>= 5.1)
      tzinfo (~> 2.0)
      zeitwerk (~> 2.3)
    addressable (2.8.7)
      public_suffix (>= 2.0.2, < 7.0)
    amq-protocol (2.3.2)
    base62-rb (0.3.1)
    base64 (0.2.0)
    bigdecimal (3.1.8)
    builder (3.3.0)
    bunny (2.23.0)
      amq-protocol (~> 2.3, >= 2.3.1)
      sorted_set (~> 1, >= 1.0.2)
    byebug (11.1.3)
    cairo (1.17.13)
      native-package-installer (>= 1.0.3)
      pkg-config (>= 1.2.2)
      red-colors
    cairo-gobject (4.2.4)
      cairo (>= 1.16.2)
      glib2 (= 4.2.4)
    childprocess (5.1.0)
      logger (~> 1.5)
    coderay (1.1.3)
    concurrent-ruby (1.3.4)
    connection_pool (2.4.1)
    crack (1.0.0)
      bigdecimal
      rexml
    crass (1.0.6)
    css_parser (1.19.1)
      addressable
    database_cleaner (2.1.0)
      database_cleaner-active_record (>= 2, < 3)
    database_cleaner-active_record (2.2.0)
      activerecord (>= 5.a)
      database_cleaner-core (~> 2.0.0)
    database_cleaner-core (2.0.1)
    date (3.4.0)
    decorate-responder (2.1.0)
      responders (>= 2, < 4)
    diff-lcs (1.5.1)
    docile (1.4.1)
    draper (4.0.2)
      actionpack (>= 5.0)
      activemodel (>= 5.0)
      activemodel-serializers-xml (>= 1.0)
      activesupport (>= 5.0)
      request_store (>= 1.0)
      ruby2_keywords
    drb (2.2.1)
    erubi (1.13.0)
    ethon (0.16.0)
      ffi (>= 1.15.0)
    factory_bot (6.5.0)
      activesupport (>= 5.0.0)
    factory_bot_rails (6.4.4)
      factory_bot (~> 6.5)
      railties (>= 5.0.0)
    ffi (1.17.0)
    ffi (1.17.0-x86_64-linux-gnu)
    fiddle (1.1.5)
    foundation_emails (2.2.1.0)
    fx (0.8.0)
      activerecord (>= 6.0.0)
      railties (>= 6.0.0)
    gdk_pixbuf2 (4.2.4)
      gio2 (= 4.2.4)
    gio2 (4.2.4)
      fiddle
      gobject-introspection (= 4.2.4)
    glib2 (4.2.4)
      native-package-installer (>= 1.0.3)
      pkg-config (>= 1.3.5)
    globalid (1.2.1)
      activesupport (>= 6.1)
    gobject-introspection (4.2.4)
      glib2 (= 4.2.4)
    hashdiff (1.1.2)
    hashie (4.1.0)
    hitimes (3.0.0)
    htmlentities (4.3.4)
    i18n (1.14.6)
      concurrent-ruby (~> 1.0)
    inky-rb (1.4.2.1)
      foundation_emails (~> 2)
      nokogiri
    json (2.8.2)
    launchy (3.0.1)
      addressable (~> 2.8)
      childprocess (~> 5.0)
    letter_opener (1.10.0)
      launchy (>= 2.2, < 4)
    listen (3.9.0)
      rb-fsevent (~> 0.10, >= 0.10.3)
      rb-inotify (~> 0.9, >= 0.9.10)
    little-plugger (1.1.4)
    logger (1.6.1)
    logging (2.4.0)
      little-plugger (~> 1.1)
      multi_json (~> 1.14)
    lograge (0.3.6)
      actionpack (>= 3)
      activesupport (>= 3)
      railties (>= 3)
    loofah (2.23.1)
      crass (~> 1.0.2)
      nokogiri (>= 1.12.0)
    mail (2.8.1)
      mini_mime (>= 0.1.1)
      net-imap
      net-pop
      net-smtp
    marcel (1.0.4)
    matrix (0.4.2)
    method_source (1.1.0)
    mini_mime (1.1.5)
    mini_portile2 (2.8.8)
    minitest (5.25.2)
    mnemosyne-ruby (2.0.0)
      activesupport (>= 6.1)
      bunny
    msgpack (1.7.5)
    msgr (1.6.1)
      activesupport
      bunny (>= 1.4, < 3.0)
    multi_json (1.15.0)
    mutex_m (0.3.0)
    native-package-installer (1.1.9)
    net-imap (0.5.1)
      date
      net-protocol
    net-pop (0.1.2)
      net-protocol
    net-protocol (0.2.2)
      timeout
    net-smtp (0.5.0)
      net-protocol
    nio4r (2.7.4)
    nokogiri (1.16.7)
      mini_portile2 (~> 2.8.2)
      racc (~> 1.4)
    nokogiri (1.16.7-x86_64-linux)
      racc (~> 1.4)
    paginate-responder (2.1.0)
      rack-link_headers (>= 2.2)
    pg (1.5.9)
    pkg-config (1.5.8)
    premailer (1.27.0)
      addressable
      css_parser (>= 1.19.0)
      htmlentities (>= 4.0.0)
    premailer-rails (1.12.0)
      actionmailer (>= 3)
      net-smtp
      premailer (~> 1.7, >= 1.7.9)
    pry (0.14.2)
      coderay (~> 1.1)
      method_source (~> 1.0)
    pry-byebug (3.10.1)
      byebug (~> 11.0)
      pry (>= 0.13, < 0.15)
    public_suffix (6.0.1)
    puma (6.5.0)
      nio4r (~> 2.0)
    racc (1.8.1)
    rack (2.2.10)
    rack-link_headers (2.4.1)
      rack
    rack-remote (1.1.0)
      multi_json
      rack
    rack-test (2.1.0)
      rack (>= 1.3)
    rails (6.1.7.10)
      actioncable (= 6.1.7.10)
      actionmailbox (= 6.1.7.10)
      actionmailer (= 6.1.7.10)
      actionpack (= 6.1.7.10)
      actiontext (= 6.1.7.10)
      actionview (= 6.1.7.10)
      activejob (= 6.1.7.10)
      activemodel (= 6.1.7.10)
      activerecord (= 6.1.7.10)
      activestorage (= 6.1.7.10)
      activesupport (= 6.1.7.10)
      bundler (>= 1.15.0)
      railties (= 6.1.7.10)
      sprockets-rails (>= 2.0.0)
    rails-dom-testing (2.2.0)
      activesupport (>= 5.0.0)
      minitest
      nokogiri (>= 1.6)
    rails-html-sanitizer (1.6.0)
      loofah (~> 2.21)
      nokogiri (~> 1.14)
    rails-i18n (7.0.10)
      i18n (>= 0.7, < 2)
      railties (>= 6.0.0, < 8)
    rails-rfc6570 (3.3.0)
      actionpack (>= 4.2, < 8.1)
      addressable (~> 2.3)
    railties (6.1.7.10)
      actionpack (= 6.1.7.10)
      activesupport (= 6.1.7.10)
      method_source
      rake (>= 12.2)
      thor (~> 1.0)
    rake (13.2.1)
    rb-fsevent (0.11.2)
    rb-inotify (0.11.1)
      ffi (~> 1.0)
    rbtree (0.4.6)
    red-colors (0.4.0)
      json
      matrix
    redcarpet (3.6.0)
    redis (5.3.0)
      redis-client (>= 0.22.0)
    redis-client (0.22.2)
      connection_pool
    request_store (1.7.0)
      rack (>= 1.4)
    responders (3.1.1)
      actionpack (>= 5.2)
      railties (>= 5.2)
    restify (1.15.2)
      activesupport
      addressable (~> 2.3)
      concurrent-ruby (~> 1.0)
      hashie (>= 3.3, < 5.0)
      hitimes
      logging (~> 2.0)
      msgpack (~> 1.2)
      rack
      typhoeus (~> 1.3)
    rexml (3.3.9)
    rspec (3.13.0)
      rspec-core (~> 3.13.0)
      rspec-expectations (~> 3.13.0)
      rspec-mocks (~> 3.13.0)
    rspec-collection_matchers (1.2.1)
      rspec-expectations (>= 2.99.0.beta1)
    rspec-core (3.13.2)
      rspec-support (~> 3.13.0)
    rspec-expectations (3.13.3)
      diff-lcs (>= 1.2.0, < 2.0)
      rspec-support (~> 3.13.0)
    rspec-its (2.0.0)
      rspec-core (>= 3.13.0)
      rspec-expectations (>= 3.13.0)
    rspec-mocks (3.13.2)
      diff-lcs (>= 1.2.0, < 2.0)
      rspec-support (~> 3.13.0)
    rspec-rails (6.1.5)
      actionpack (>= 6.1)
      activesupport (>= 6.1)
      railties (>= 6.1)
      rspec-core (~> 3.13)
      rspec-expectations (~> 3.13)
      rspec-mocks (~> 3.13)
      rspec-support (~> 3.13)
    rspec-support (3.13.1)
    rspec-teamcity (1.0.0)
      rspec (>= 2.99, >= 2.14.2, < 4)
    rsvg2 (4.2.4)
      cairo-gobject (= 4.2.4)
      gdk_pixbuf2 (= 4.2.4)
    ruby2_keywords (0.0.5)
    sass-rails (6.0.0)
      sassc-rails (~> 2.1, >= 2.1.1)
    sassc (2.4.0)
      ffi (~> 1.9)
    sassc-rails (2.1.2)
      railties (>= 4.0.0)
      sassc (>= 2.0)
      sprockets (> 3.0)
      sprockets-rails
      tilt
    scenic (1.8.0)
      activerecord (>= 4.0.0)
      railties (>= 4.0.0)
    sentry-rails (5.22.0)
      railties (>= 5.0)
      sentry-ruby (~> 5.22.0)
    sentry-ruby (5.22.0)
      bigdecimal
      concurrent-ruby (~> 1.0, >= 1.0.2)
    sentry-sidekiq (5.22.0)
      sentry-ruby (~> 5.22.0)
      sidekiq (>= 3.0)
    set (1.1.1)
    sidekiq (7.3.6)
      connection_pool (>= 2.3.0)
      logger
      rack (>= 2.2.4)
      redis-client (>= 0.22.2)
    simplecov (0.22.0)
      docile (~> 1.1)
      simplecov-html (~> 0.11)
      simplecov_json_formatter (~> 0.1)
    simplecov-html (0.13.1)
    simplecov-teamcity-summary (1.0.0)
      simplecov
    simplecov_json_formatter (0.1.4)
    slim (5.2.1)
      temple (~> 0.10.0)
      tilt (>= 2.1.0)
    sorted_set (1.0.3)
      rbtree
      set (~> 1.0)
    sprockets (3.7.5)
      base64
      concurrent-ruby (~> 1.0)
      rack (> 1, < 3)
    sprockets-rails (3.5.2)
      actionpack (>= 6.1)
      activesupport (>= 6.1)
      sprockets (>= 3.0.0)
    svg-graph (2.2.2)
    syslog (0.1.2)
    telegraf (3.0.0)
    temple (0.10.3)
    thor (1.3.2)
    tilt (2.4.0)
    timeout (0.4.2)
    typhoeus (1.4.1)
      ethon (>= 0.9.0)
    tzinfo (2.0.6)
      concurrent-ruby (~> 1.0)
    uuid4 (1.4.0)
      base62-rb (~> 0.3.0)
    webmock (3.24.0)
      addressable (>= 2.8.0)
      crack (>= 0.3.2)
      hashdiff (>= 0.4.0, < 2.0.0)
    websocket-driver (0.7.6)
      websocket-extensions (>= 0.1.0)
    websocket-extensions (0.1.5)
    will_paginate (4.0.1)
    zeitwerk (2.7.1)

PLATFORMS
  ruby
  x86_64-linux

DEPENDENCIES
  accept_values_for
  activerecord-postgres_enum (~> 2.0)
  addressable
  concurrent-ruby (~> 1.0)
  database_cleaner (~> 2.0)
  decorate-responder (~> 2.0)
  draper (~> 4.0)
  drb
  factory_bot_rails (~> 6.0)
  fx (~> 0.8.0)
  hashie
  inky-rb
  json
  letter_opener
  listen (~> 3.9.0)
  mnemosyne-ruby (~> 2.0)
  msgr (~> 1.5)
  mutex_m
  paginate-responder (~> 2.0)
  pg
  premailer-rails
  pry
  pry-byebug
  puma
  rack-remote
  rails (~> 6.1.0)
  rails-i18n
  rails-rfc6570 (~> 3.0)
  redcarpet
  redis (~> 5.0)
  responders (~> 3.0)
  restify (~> 1.15)
  rexml
  rspec (~> 3.10)
  rspec-collection_matchers
  rspec-its
  rspec-rails (~> 6.0)
  rspec-teamcity
  rsvg2
  sass-rails
  scenic (~> 1.5)
  sentry-rails (~> 5.22.0)
  sentry-ruby (~> 5.22.0)
  sentry-sidekiq (~> 5.22.0)
  simplecov
  simplecov-teamcity-summary
  slim
  sprockets (~> 3.2)
  sprockets-rails (~> 3.2)
  svg-graph (~> 2.1)
  syslog
  telegraf (~> 3.0)
  uuid4 (~> 1.4)
  webmock
  will_paginate
  xikolo-common!
  xikolo-config!
  xikolo-sidekiq!

RUBY VERSION
   ruby 3.3.5p100

BUNDLED WITH
   2.5.21
